GEM
  remote: https://rubygems.org/
  specs:
    ethon (0.7.4)
      ffi (>= 1.3.0)
    ffi (1.9.10)
    rack (1.6.4)
    rack-protection (1.5.3)
      rack
    sinatra (1.4.6)
      rack (~> 1.4)
      rack-protection (~> 1.4)
      tilt (>= 1.3, < 3)
    tilt (2.0.1)
    typhoeus (0.7.3)
      ethon (>= 0.7.4)

PLATFORMS
  ruby

DEPENDENCIES
  sinatra
  typhoeus

BUNDLED WITH
   1.10.4
